GEM
  remote: http://rubygems.org/
  specs:
    fattr (2.2.0)
    minitest (2.11.0)
    session (3.1.0)
      fattr

PLATFORMS
  ruby

DEPENDENCIES
  minitest
  session
